GIT
  remote: git://github.com/edsl/jekyll-pandoc-multiple-formats.git
  revision: ddd282b75c696897ff7a1ff015bb0a008b0f8d85
  branch: develop
  specs:
    jekyll-pandoc-multiple-formats (0.1.0)
      jekyll (~> 3.0.0)
      pdf_info (~> 0.5.0)
      rtex (~> 2.1.0)

GIT
  remote: git://github.com/jekyll/jekyll-archives.git
  revision: 40823a4e16d81d7d0fb90736a7359144a15ea923
  specs:
    jekyll-archives (2.1.0)
      jekyll (>= 2.4)

GEM
  remote: https://rubygems.org/
  specs:
    coderay (1.1.1)
    colorator (0.1)
    ffi (1.9.10)
    jekyll (3.0.3)
      colorator (~> 0.1)
      jekyll-sass-converter (~> 1.0)
      jekyll-watch (~> 1.1)
      kramdown (~> 1.3)
      liquid (~> 3.0)
      mercenary (~> 0.3.3)
      rouge (~> 1.7)
      safe_yaml (~> 1.0)
    jekyll-sass-converter (1.4.0)
      sass (~> 3.4)
    jekyll-torrent (0.0.2)
      jekyll
    jekyll-watch (1.3.1)
      listen (~> 3.0)
    json (1.8.3)
    kramdown (1.10.0)
    libv8 (3.16.14.13)
    liquid (3.0.6)
    listen (3.0.6)
      rb-fsevent (>= 0.9.3)
      rb-inotify (>= 0.9.7)
    mercenary (0.3.5)
    method_source (0.8.2)
    pdf_info (0.5.2)
    pry (0.10.3)
      coderay (~> 1.1.0)
      method_source (~> 0.8.1)
      slop (~> 3.4)
    rb-fsevent (0.9.7)
    rb-inotify (0.9.7)
      ffi (>= 0.5.0)
    ref (2.0.0)
    rouge (1.10.1)
    rtex (2.1.1)
    safe_yaml (1.0.4)
    sass (3.4.21)
    slop (3.6.0)
    therubyracer (0.12.2)
      libv8 (~> 3.16.14.0)
      ref

PLATFORMS
  ruby

DEPENDENCIES
  jekyll
  jekyll-archives!
  jekyll-pandoc-multiple-formats!
  jekyll-torrent
  json
  pry
  therubyracer

BUNDLED WITH
   1.11.2
