GIT
  remote: git://github.com/edsl/jekyll-archives.git
  revision: bc295622b7126f60ec9b5f667dc43ce7dcc34abb
  specs:
    jekyll-archives (2.1.0)
      jekyll (>= 2.4)

GIT
  remote: git://github.com/edsl/jekyll-pandoc-multiple-formats.git
  revision: 7b6e7fbd2ce9b7f3e06608e463a300c43ff7e493
  branch: develop
  specs:
    jekyll-pandoc-multiple-formats (0.2.9.2)
      jekyll (~> 3.6.0)
      pdf_info (~> 0.5.0)
      rtex (~> 2.1.0)

GIT
  remote: git://github.com/edsl/jekyll-rename-posts.git
  revision: c1313640375351830c167464cda4a5a412798d7e
  branch: master
  specs:
    jekyll-rename-posts (0.1)

GEM
  remote: https://rubygems.org/
  specs:
    addressable (2.5.2)
      public_suffix (>= 2.0.2, < 4.0)
    coderay (1.1.2)
    colorator (1.1.0)
    ffi (1.9.18)
    forwardable-extended (2.6.0)
    jekyll (3.6.2)
      addressable (~> 2.4)
      colorator (~> 1.0)
      jekyll-sass-converter (~> 1.0)
      jekyll-watch (~> 1.1)
      kramdown (~> 1.14)
      liquid (~> 4.0)
      mercenary (~> 0.3.3)
      pathutil (~> 0.9)
      rouge (>= 1.7, < 3)
      safe_yaml (~> 1.0)
    jekyll-sass-converter (1.5.0)
      sass (~> 3.4)
    jekyll-torrent (0.0.2)
      jekyll
    jekyll-watch (1.5.0)
      listen (~> 3.0, < 3.1)
    json (2.1.0)
    kramdown (1.15.0)
    libv8 (3.16.14.19)
    liquid (4.0.0)
    listen (3.0.8)
      rb-fsevent (~> 0.9, >= 0.9.4)
      rb-inotify (~> 0.9, >= 0.9.7)
    mercenary (0.3.6)
    method_source (0.9.0)
    pathutil (0.16.0)
      forwardable-extended (~> 2.6)
    pdf_info (0.5.3)
    pry (0.11.3)
      coderay (~> 1.1.0)
      method_source (~> 0.9.0)
    public_suffix (3.0.1)
    rb-fsevent (0.10.2)
    rb-inotify (0.9.10)
      ffi (>= 0.5.0, < 2)
    ref (2.0.0)
    rouge (2.2.1)
    rtex (2.1.1)
    safe_yaml (1.0.4)
    sass (3.5.3)
      sass-listen (~> 4.0.0)
    sass-listen (4.0.0)
      rb-fsevent (~> 0.9, >= 0.9.4)
      rb-inotify (~> 0.9, >= 0.9.7)
    therubyracer (0.12.3)
      libv8 (~> 3.16.14.15)
      ref

PLATFORMS
  ruby

DEPENDENCIES
  jekyll
  jekyll-archives!
  jekyll-pandoc-multiple-formats!
  jekyll-rename-posts!
  jekyll-torrent
  json
  pry
  therubyracer

BUNDLED WITH
   1.16.0
